GEM
  remote: http://ruby.taobao.org/
  specs:
    rbstardict (0.1.1)

PLATFORMS
  ruby

DEPENDENCIES
  rbstardict
